GEM
  specs:
    whittle (0.0.8)

PLATFORMS
  ruby

DEPENDENCIES
  whittle
